GEM
  remote: https://rubygems.org/
  specs:
    asciidoctor (1.5.1)
    asciidoctor-diagram (1.3.0.preview.1)
      asciidoctor (~> 1.5.0)
      rjb (~> 1.4.8)
    filewatcher (0.3.4)
      trollop (~> 2.0)
    rjb (1.4.9)
    trollop (2.0)

PLATFORMS
  ruby

DEPENDENCIES
  asciidoctor (= 1.5.1)
  asciidoctor-diagram (= 1.3.0.preview.1)
  filewatcher
